GEM
  remote: http://rubygems.org/
  specs:
    json (1.5.1)
    openssl-nonblock (0.2.1)

PLATFORMS
  ruby

DEPENDENCIES
  json
  openssl-nonblock
